GEM
  remote: https://rubygems.org/
  specs:
    aws-sdk (2.1.30)
      aws-sdk-resources (= 2.1.30)
    aws-sdk-core (2.1.30)
      jmespath (~> 1.0)
    aws-sdk-resources (2.1.30)
      aws-sdk-core (= 2.1.30)
    diffy (3.0.7)
    dotenv (2.0.2)
    jmespath (1.1.3)
    macaddr (1.7.1)
      systemu (~> 2.6.2)
    net-dns2 (0.8.7)
      packetfu
    network_interface (0.0.1)
    packetfu (1.1.11)
      network_interface (~> 0.0)
      pcaprub (~> 0.12)
    pcaprub (0.12.0)
    roadworker (0.5.5)
      aws-sdk (~> 2.1.0)
      diffy
      net-dns2 (~> 0.8.6)
      systemu
      term-ansicolor
      uuid
    systemu (2.6.5)
    term-ansicolor (1.3.2)
      tins (~> 1.0)
    tins (1.6.0)
    uuid (2.3.8)
      macaddr (~> 1.0)

PLATFORMS
  ruby

DEPENDENCIES
  dotenv
  roadworker

BUNDLED WITH
   1.10.6
